GEM
  remote: https://rubygems.org/
  specs:
    barby (0.6.2)
    chunky_png (1.3.3)
    daemons (1.1.9)
    eventmachine (1.0.3)
    rack (1.5.2)
    rack-protection (1.5.3)
      rack
    rqrcode (0.4.2)
    sinatra (1.4.5)
      rack (~> 1.4)
      rack-protection (~> 1.4)
      tilt (~> 1.3, >= 1.3.4)
    thin (1.6.2)
      daemons (>= 1.0.9)
      eventmachine (>= 1.0.0)
      rack (>= 1.0.0)
    tilt (1.4.1)

PLATFORMS
  ruby

DEPENDENCIES
  barby
  chunky_png
  rqrcode
  sinatra
  thin
